PATH
  remote: .
  specs:
    websocket-eventmachine-server (1.0.1)
      websocket-eventmachine-base (~> 1.0)

GEM
  remote: http://rubygems.org/
  specs:
    capistrano (3.4.1)
      i18n
      rake (>= 10.0.0)
      sshkit (~> 1.3)
    capistrano-bundler (1.1.4)
      capistrano (~> 3.1)
      sshkit (~> 1.2)
    capistrano-rvm (0.1.2)
      capistrano (~> 3.0)
      sshkit (~> 1.2)
    capistrano3-puma (1.0.0)
      capistrano (~> 3.0)
      puma (>= 2.6)
    eventmachine (1.2.0.1)
    ffi (1.9.14)
    i18n (0.7.0)
    json (1.8.3)
    msgpack (1.0.0)
    mysql2 (0.3.21)
    net-scp (1.2.1)
      net-ssh (>= 2.6.5)
    net-ssh (3.2.0)
    puma (3.4.0)
    rake (11.2.2)
    rbtrace (0.4.8)
      ffi (>= 1.0.6)
      msgpack (>= 0.4.3)
      trollop (>= 1.16.2)
    redis (3.3.1)
    redis-objects (1.2.1)
      redis (>= 3.0.2)
    sshkit (1.11.1)
      net-scp (>= 1.1.2)
      net-ssh (>= 2.8.0)
    trollop (2.1.2)
    websocket (1.2.3)
    websocket-eventmachine-base (1.2.0)
      eventmachine (~> 1.0)
      websocket (~> 1.0)
      websocket-native (~> 1.0)
    websocket-native (1.0.0)

PLATFORMS
  ruby

DEPENDENCIES
  capistrano (~> 3.4.1)
  capistrano-bundler (~> 1.1.2)
  capistrano-rvm (~> 0.1.1)
  capistrano3-puma (~> 1.0.0)
  json
  mysql2 (~> 0.3.20)
  rake
  rbtrace
  redis
  redis-objects
  websocket-eventmachine-server!

BUNDLED WITH
   1.12.5
